ObjectType = Image
NDims = 3
BinaryData = True
BinaryDataByteOrderMSB = False
CompressedData = False
TransformMatrix = 1 0 0 0 1 0 0 0 1
Offset = 0 0 0
CenterOfRotation = 0 0 0
AnatomicalOrientation = RAI
ElementSpacing = 1 1 1
DimSize = 256 256 256
ElementType = MET_FLOAT
ElementDataFile = 1.3.6.1.4.1.14519.5.2.1.6279.6001.100530488926682752765845212286.raw
